PATH
  remote: .
  specs:
    pushes (0.0.1)
      highline (~> 1.6.16)
      octokit (~> 1.24.0)
      terminal-notifier (~> 1.4.2)

GEM
  remote: http://rubygems.org/
  specs:
    addressable (2.3.3)
    diff-lcs (1.2.2)
    faraday (0.8.7)
      multipart-post (~> 1.1)
    faraday_middleware (0.9.0)
      faraday (>= 0.7.4, < 0.9)
    hashie (2.0.3)
    highline (1.6.16)
    multi_json (1.7.2)
    multipart-post (1.2.0)
    netrc (0.7.7)
    octokit (1.24.0)
      addressable (~> 2.2)
      faraday (~> 0.8)
      faraday_middleware (~> 0.9)
      hashie (~> 2.0)
      multi_json (~> 1.3)
      netrc (~> 0.7.7)
    rake (10.0.4)
    rspec (2.13.0)
      rspec-core (~> 2.13.0)
      rspec-expectations (~> 2.13.0)
      rspec-mocks (~> 2.13.0)
    rspec-core (2.13.1)
    rspec-expectations (2.13.0)
      diff-lcs (>= 1.1.3, < 2.0)
    rspec-mocks (2.13.1)
    terminal-notifier (1.4.2)

PLATFORMS
  ruby

DEPENDENCIES
  pushes!
  rake
  rspec (~> 2.13.0)
