PATH
  remote: .
  specs:
    Pushes (0.0.0)
      highline (~> 1.6.16)
      octokit (~> 1.24.0)
      terminal-notifier (~> 1.4.2)

GEM
  remote: http://rubygems.org/
  specs:
    addressable (2.3.3)
    faraday (0.8.7)
      multipart-post (~> 1.1)
    faraday_middleware (0.9.0)
      faraday (>= 0.7.4, < 0.9)
    hashie (2.0.3)
    highline (1.6.16)
    multi_json (1.7.2)
    multipart-post (1.2.0)
    netrc (0.7.7)
    octokit (1.24.0)
      addressable (~> 2.2)
      faraday (~> 0.8)
      faraday_middleware (~> 0.9)
      hashie (~> 2.0)
      multi_json (~> 1.3)
      netrc (~> 0.7.7)
    terminal-notifier (1.4.2)

PLATFORMS
  ruby

DEPENDENCIES
  Pushes!
